PATH
  remote: .
  specs:
    wordrabbit (0.4.9)
      addressable (>= 2.2.4)
      htmlentities (>= 4.2.4)
      json (>= 1.4.6)
      nokogiri
      typhoeus (>= 0.2.1)

GEM
  remote: http://rubygems.org/
  specs:
    addressable (2.2.4)
    crack (0.1.8)
    diff-lcs (1.1.2)
    htmlentities (4.3.0)
    json (1.5.1)
    mime-types (1.16)
    nokogiri (1.4.4)
    rspec (2.5.0)
      rspec-core (~> 2.5.0)
      rspec-expectations (~> 2.5.0)
      rspec-mocks (~> 2.5.0)
    rspec-core (2.5.1)
    rspec-expectations (2.5.0)
      diff-lcs (~> 1.1.2)
    rspec-mocks (2.5.0)
    typhoeus (0.2.4)
      mime-types
      mime-types
    vcr (1.5.1)
    webmock (1.6.2)
      addressable (>= 2.2.2)
      crack (>= 0.1.7)

PLATFORMS
  ruby

DEPENDENCIES
  rspec (>= 2.5.0)
  vcr (>= 1.5.1)
  webmock (>= 1.6.2)
  wordrabbit!
