PATH
  remote: .
  specs:
    wordnik (4.06.08)
      activemodel (>= 3.0.3)
      addressable (>= 2.2.4)
      htmlentities (>= 4.2.4)
      json (>= 1.4.6)
      nokogiri (>= 1.4.4)
      typhoeus (>= 0.2.1)

GEM
  remote: http://rubygems.org/
  specs:
    ZenTest (4.6.2)
    activemodel (3.0.10)
      activesupport (= 3.0.10)
      builder (~> 2.1.2)
      i18n (~> 0.5.0)
    activesupport (3.0.10)
    addressable (2.2.6)
    autotest (4.4.6)
      ZenTest (>= 4.4.1)
    autotest-rails-pure (4.1.2)
    builder (2.1.2)
    crack (0.1.8)
    diff-lcs (1.1.3)
    htmlentities (4.3.0)
    i18n (0.5.0)
    json (1.5.3)
    mime-types (1.16)
    nokogiri (1.5.0)
    rspec (2.6.0)
      rspec-core (~> 2.6.0)
      rspec-expectations (~> 2.6.0)
      rspec-mocks (~> 2.6.0)
    rspec-core (2.6.4)
    rspec-expectations (2.6.0)
      diff-lcs (~> 1.1.2)
    rspec-mocks (2.6.0)
    typhoeus (0.2.4)
      mime-types
      mime-types
    vcr (1.11.2)
    webmock (1.7.5)
      addressable (~> 2.2, > 2.2.5)
      crack (>= 0.1.7)

PLATFORMS
  ruby

DEPENDENCIES
  autotest
  autotest-rails-pure
  rspec (>= 2.5.0)
  vcr (>= 1.5.1)
  webmock (>= 1.6.2)
  wordnik!
